GEM
  remote: https://rubygems.org/
  specs:
    plist (3.1.0)
    rake (10.4.2)
    rubyzip (1.1.7)

PLATFORMS
  ruby

DEPENDENCIES
  plist
  rake
  rubyzip (>= 1.0.0)
