GEM
  remote: https://rubygems.org/
  specs:
    chunky_png (1.3.5)
    dropbox-sdk (1.6.5)
      json
    hashie (3.4.1)
    json (1.8.3)
    nokogiri (1.5.11)
    plist (3.1.0)
    psd (3.3.1)
      chunky_png
      psd-enginedata (~> 1)
      rake
      xmp
    psd-enginedata (1.1.1)
      hashie
    rake (10.4.2)
    rubyzip (1.1.7)
    xmp (0.2.0)
      nokogiri (~> 1.5.0)

PLATFORMS
  ruby

DEPENDENCIES
  chunky_png
  dropbox-sdk
  plist
  psd
  rake
  rubyzip (>= 1.0.0)

BUNDLED WITH
   1.10.5
